GEM
  remote: https://rubygems.org/
  specs:
    activemodel (5.0.0.1)
      activesupport (= 5.0.0.1)
    activerecord (5.0.0.1)
      activemodel (= 5.0.0.1)
      activesupport (= 5.0.0.1)
      arel (~> 7.0)
    activesupport (5.0.0.1)
      concurrent-ruby (~> 1.0, >= 1.0.2)
      i18n (~> 0.7)
      minitest (~> 5.1)
      tzinfo (~> 1.1)
    aes (0.5.0)
    arel (7.1.4)
    coderay (1.1.1)
    concurrent-ruby (1.0.2)
    connection_pool (2.2.0)
    ffi (1.9.14)
    foreman (0.82.0)
      thor (~> 0.19.1)
    i18n (0.7.0)
    listen (3.1.5)
      rb-fsevent (~> 0.9, >= 0.9.4)
      rb-inotify (~> 0.9, >= 0.9.7)
      ruby_dep (~> 1.2)
    method_source (0.8.2)
    minitest (5.9.1)
    pg (0.18.4)
    pry (0.10.4)
      coderay (~> 1.1.0)
      method_source (~> 0.8.1)
      slop (~> 3.4)
    puma (3.6.0)
    rack (1.6.4)
    rack-protection (1.5.3)
      rack
    rake (11.3.0)
    rb-fsevent (0.9.7)
    rb-inotify (0.9.7)
      ffi (>= 0.5.0)
    redis (3.3.1)
    rerun (0.11.0)
      listen (~> 3.0)
    ruby_dep (1.5.0)
    sidekiq (4.2.3)
      concurrent-ruby (~> 1.0)
      connection_pool (~> 2.2, >= 2.2.0)
      rack-protection (>= 1.5.0)
      redis (~> 3.2, >= 3.2.1)
    sinatra (1.4.7)
      rack (~> 1.5)
      rack-protection (~> 1.4)
      tilt (>= 1.3, < 3)
    sinatra-activerecord (2.0.11)
      activerecord (>= 3.2)
      sinatra (~> 1.0)
    sinatra-flash (0.3.0)
      sinatra (>= 1.0.0)
    slop (3.6.0)
    sqlite3 (1.3.12)
    thor (0.19.1)
    thread_safe (0.3.5)
    tilt (2.0.5)
    tzinfo (1.2.2)
      thread_safe (~> 0.1)

PLATFORMS
  ruby

DEPENDENCIES
  aes
  foreman
  pg
  pry
  puma
  rake
  rerun
  sidekiq
  sinatra
  sinatra-activerecord
  sinatra-flash
  sqlite3

BUNDLED WITH
   1.13.5
